GEM
  remote: https://rubygems.org/
  specs:
    sass (3.4.12)
    sass-media_query_combiner (0.0.6)
      sass (>= 3.2.0)

PLATFORMS
  ruby

DEPENDENCIES
  sass
  sass-media_query_combiner
